PATH
  remote: .
  specs:
    planet (0.5.5)
      box (~> 0.1, >= 0.1.1)
      feedjira (~> 1.3, >= 1.3.1)
      gli (~> 2.12, >= 2.12.0)
      mustache (~> 0.99, >= 0.99.6)
      sanitize (~> 3.0, >= 3.0.0)
      stringex (~> 2.5, >= 2.5.2)

GEM
  remote: http://rubygems.org/
  specs:
    box (0.1.1)
    crass (0.2.1)
    curb (0.8.6)
    feedjira (1.3.1)
      curb (~> 0.8.1)
      loofah (~> 2.0.0)
      sax-machine (~> 0.2.1)
    gli (2.12.0)
    loofah (2.0.3)
      nokogiri (>= 1.5.9)
    mini_portile2 (2.0.0)
    mustache (0.99.6)
    nokogiri (1.6.7.2)
      mini_portile2 (~> 2.0.0.rc2)
    nokogumbo (1.1.9)
      nokogiri
    sanitize (3.0.0)
      crass (~> 0.2.0)
      nokogiri (>= 1.4.4)
      nokogumbo (= 1.1.9)
    sax-machine (0.2.1)
      nokogiri (~> 1.6.0)
    stringex (2.5.2)

PLATFORMS
  ruby

DEPENDENCIES
  planet!
